PATH
  remote: .
  specs:
    city_capitals (0.1.1)

GEM
  remote: https://rubygems.org/
  specs:

PLATFORMS
  ruby

DEPENDENCIES
  city_capitals!

BUNDLED WITH
   2.1.4
